GIT
  remote: git://github.com/SnapDocs/lita-github-pinger.git
  revision: be41031deee27d0e30ec115745b2d6f0559c0fd8
  ref: be41031
  specs:
    lita-github-pinger (0.6.5)
      lita (>= 4.4)

GEM
  remote: https://rubygems.org/
  specs:
    crass (1.0.2)
    eventmachine (1.0.8)
    faraday (0.9.2)
      multipart-post (>= 1.2, < 3)
    faye-websocket (0.10.0)
      eventmachine (>= 0.12.0)
      websocket-driver (>= 0.5.1)
    http_router (0.11.2)
      rack (>= 1.0.0)
      url_mount (~> 0.2.1)
    i18n (0.7.0)
    ice_nine (0.11.1)
    lita (4.6.1)
      bundler (>= 1.3)
      faraday (>= 0.8.7)
      http_router (>= 0.11.2)
      i18n (>= 0.6.9)
      ice_nine (>= 0.11.0)
      multi_json (>= 1.7.7)
      puma (>= 2.7.1)
      rack (>= 1.5.2)
      rb-readline (>= 0.5.1)
      redis-namespace (>= 1.3.0)
      thor (>= 0.18.1)
    lita-animate (1.1.0)
      lita (>= 2.0)
    lita-google-images (2.0.0)
      lita (>= 4.0)
    lita-karma (3.0.2)
      lita (>= 4.0)
    lita-markov (1.2.1)
      lita (>= 4.6)
      mysql2 (~> 0.4.1)
      oj (~> 2.13.1)
      pg (~> 0.18.4)
      sequel (~> 4.28.0)
    lita-slack (1.7.0)
      eventmachine
      faraday
      faye-websocket (>= 0.8.0)
      lita (>= 4.6.0)
      multi_json
    lita-wikipedia (0.1.0)
      lita (>= 3.1)
      nokogiri (>= 1.6.6)
      sanitize (>= 3.1.2)
    mini_portile (0.6.2)
    multi_json (1.11.2)
    multipart-post (2.0.0)
    mysql2 (0.4.4)
    nokogiri (1.6.6.2)
      mini_portile (~> 0.6.0)
    nokogumbo (1.4.1)
      nokogiri
    oj (2.13.1)
    pg (0.18.4)
    puma (2.14.0)
    rack (1.6.4)
    rb-readline (0.5.3)
    redis (3.2.1)
    redis-namespace (1.5.2)
      redis (~> 3.0, >= 3.0.4)
    sanitize (4.0.0)
      crass (~> 1.0.2)
      nokogiri (>= 1.4.4)
      nokogumbo (= 1.4.1)
    sequel (4.28.0)
    thor (0.19.1)
    url_mount (0.2.1)
      rack
    websocket-driver (0.6.2)
      websocket-extensions (>= 0.1.0)
    websocket-extensions (0.1.2)

PLATFORMS
  ruby

DEPENDENCIES
  lita
  lita-animate
  lita-github-pinger!
  lita-google-images
  lita-karma
  lita-markov
  lita-slack
  lita-wikipedia

BUNDLED WITH
   1.12.5
